PATH
  remote: .
  specs:
    shuttle (0.1.0)
      chronic_duration (~> 0.9)
      hashr (~> 0.0.22)
      net-ssh (~> 2.6)
      net-ssh-session (~> 0.1.0)
      terminal_helpers (~> 0.1)

GEM
  remote: http://rubygems.org/
  specs:
    chronic_duration (0.9.6)
      numerizer (~> 0.1.1)
    diff-lcs (1.1.3)
    hashr (0.0.22)
    multi_json (1.3.7)
    net-ssh (2.6.2)
    net-ssh-session (0.1.0)
      net-ssh (~> 2.6)
    numerizer (0.1.1)
    rake (0.9.2.2)
    rspec (2.11.0)
      rspec-core (~> 2.11.0)
      rspec-expectations (~> 2.11.0)
      rspec-mocks (~> 2.11.0)
    rspec-core (2.11.1)
    rspec-expectations (2.11.3)
      diff-lcs (~> 1.1.3)
    rspec-mocks (2.11.3)
    simplecov (0.7.1)
      multi_json (~> 1.0)
      simplecov-html (~> 0.7.1)
    simplecov-html (0.7.1)
    terminal_helpers (0.1.0)

PLATFORMS
  ruby

DEPENDENCIES
  rake
  rspec (~> 2.11)
  shuttle!
  simplecov (~> 0.4)
