GIT
  remote: git://github.com/sosedoff/deploy-config.git
  revision: c8168cd694b6f9f3e15e6820c697cc166f62b739
  specs:
    deploy-config (0.1.0)
      hashr (~> 0.0.22)

PATH
  remote: .
  specs:
    shuttle (0.1.0)
      deploy-config (~> 0.1.0)
      net-ssh (~> 2.6.1)
      terminal_helpers (~> 0.1)

GEM
  remote: http://rubygems.org/
  specs:
    diff-lcs (1.1.3)
    hashr (0.0.22)
    multi_json (1.3.7)
    net-ssh (2.6.1)
    rake (0.9.2.2)
    rspec (2.11.0)
      rspec-core (~> 2.11.0)
      rspec-expectations (~> 2.11.0)
      rspec-mocks (~> 2.11.0)
    rspec-core (2.11.1)
    rspec-expectations (2.11.3)
      diff-lcs (~> 1.1.3)
    rspec-mocks (2.11.3)
    simplecov (0.7.1)
      multi_json (~> 1.0)
      simplecov-html (~> 0.7.1)
    simplecov-html (0.7.1)
    terminal_helpers (0.1.0)

PLATFORMS
  ruby

DEPENDENCIES
  deploy-config!
  rake
  rspec (~> 2.11)
  shuttle!
  simplecov (~> 0.4)
